GEM
  remote: https://rubygems.org/
  specs:
    activesupport (5.2.1)
      concurrent-ruby (~> 1.0, >= 1.0.2)
      i18n (>= 0.7, < 2)
      minitest (~> 5.1)
      tzinfo (~> 1.1)
    async (1.10.3)
      nio4r (~> 2.3)
      timers (~> 4.1)
    async-io (1.16.1)
      async (~> 1.3)
    async-websocket (0.6.1)
      async-io
      websocket-driver (~> 0.7.0)
    concurrent-ruby (1.0.5)
    credy (0.2.1)
      thor (~> 0.19.1)
    eventmachine (1.2.7)
    faraday (0.15.3)
      multipart-post (>= 1.2, < 3)
    faraday_middleware (0.12.2)
      faraday (>= 0.7.4, < 1.0)
    faye-websocket (0.10.7)
      eventmachine (>= 0.12.0)
      websocket-driver (>= 0.5.1)
    gli (2.18.0)
    hashie (3.6.0)
    hitimes (1.3.0)
    i18n (1.1.1)
      concurrent-ruby (~> 1.0)
    minitest (5.11.3)
    multipart-post (2.0.0)
    net-ssh (5.0.2)
    nio4r (2.3.1)
    passgen (1.0.2)
    rotp (3.3.1)
    slack-ruby-client (0.13.1)
      activesupport
      faraday (>= 0.9)
      faraday_middleware
      gli
      hashie
      websocket-driver
    thor (0.19.4)
    thread_safe (0.3.6)
    timers (4.1.2)
      hitimes
    tzinfo (1.2.5)
      thread_safe (~> 0.1)
    websocket-driver (0.7.0)
      websocket-extensions (>= 0.1.0)
    websocket-extensions (0.1.3)
    week_of_month (1.2.5)

PLATFORMS
  ruby

DEPENDENCIES
  async-websocket!
  credy!
  faye-websocket!
  net-ssh!
  passgen!
  rotp!
  slack-ruby-client!
  week_of_month!

BUNDLED WITH
   1.16.5
